{
    "AcquisitionMatrixPE": 128,
    "AcquisitionNumber": 1,
    "AcquisitionTime": "10:45:46.835000",
    "BandwidthPerPixelPhaseEncode": 23.321,
    "BodyPartExamined": "HEAD",
    "CoilString": "HeadNeck_64_CS",
    "ConversionSoftware": "dcm2niix",
    "ConversionSoftwareVersion": "v1.0.20190410  GCC6.3.0",
    "DerivedVendorReportedEchoSpacing": 0.000334999,
    "DeviceSerialNumber": "175956",
    "EchoTime": 0.03,
    "EchoTrainLength": 63,
    "EffectiveEchoSpacing": 0.000334999,
    "FlipAngle": 72,
    "ImageOrientationPatientDICOM": [
        0.989924,
        -0.141412,
        0.00726331,
        0.130326,
        0.889861,
        -0.437221
    ],
    "ImageType": [
        "ORIGINAL",
        "PRIMARY",
        "FMRI",
        "NONE"
    ],
    "ImagingFrequency": 123.263,
    "InPlanePhaseEncodingDirectionDICOM": "COL",
    "InstitutionAddress": "deleted_by_bidsonym",
    "InstitutionName": "deleted_by_bidsonym",
    "MRAcquisitionType": "2D",
    "MagneticFieldStrength": 3,
    "Manufacturer": "Siemens",
    "ManufacturersModelName": "MAGNETOM_Vida",
    "Modality": "MR",
    "MultibandAccelerationFactor": 3,
    "PartialFourier": 0.492188,
    "PatientPosition": "HFS",
    "PercentPhaseFOV": 100,
    "PhaseEncodingDirection": "j-",
    "PixelBandwidth": 1953,
    "ProcedureStepDescription": "deleted_by_bidsonym",
    "ProtocolName": "func_task-execution_acq-Fs2_run-02",
    "ReceiveCoilActiveElements": "HC1-7;NC1",
    "ReconMatrixPE": 128,
    "RepetitionTime": 2.3,
    "SequenceVariant": "SK",
    "SeriesDescription": "func_task-execution_acq-Fs2_run-02",
    "SeriesNumber": 13,
    "SliceThickness": 1.8,
    "SliceTiming": [
        0.00318,
        0,
        0.00326,
        8.25e-05,
        0.0033425,
        0.000165,
        0.003425,
        0.000245,
        0.003505,
        0.0003275,
        0.0035875,
        0.0004075,
        0.0036675,
        0.00049,
        0.00375,
        0.0005725,
        0.0038325,
        0.0006525,
        0.0039125,
        0.000735,
        0.003995,
        0.000815,
        0.004075,
        0.0008975,
        0.0041575,
        0.00098,
        0.00424,
        0.00106,
        0.00432,
        0.0011425,
        0.0044025,
        0.0012225,
        0.0044825,
        0.001305,
        0.004565,
        0.0013875,
        0.0046475,
        0.0014675,
        0.0047275,
        0.00155,
        0.00481,
        0.00163,
        0.00489,
        0.0017125,
        0.0049725,
        0.001795,
        0.005055,
        0.001875,
        0.005135,
        0.0019575,
        0.0052175,
        0.0020375,
        0.0052975,
        0.00212,
        0.00538,
        0.0022025,
        0.0054625,
        0.0022825,
        0.0055425,
        0.002365,
        0.005625,
        0.002445,
        0.005705,
        0.0025275,
        0.0057875,
        0.00261,
        0.00587,
        0.00269,
        0.00595,
        0.0027725,
        0.0060325,
        0.0028525,
        0.0061125,
        0.002935,
        0.006195,
        0.0030175,
        0.0062775,
        0.0030975
    ],
    "SoftwareVersions": "syngo_MR_XA20",
    "SpacingBetweenSlices": 1.8,
    "StationName": "AWP175956",
    "TaskName": "execution",
    "TotalReadoutTime": 0.0425448
}