{
    "AcquisitionMatrixPE": 128,
    "AcquisitionNumber": 1,
    "AcquisitionTime": "16:13:10.780000",
    "BandwidthPerPixelPhaseEncode": 23.321,
    "BodyPartExamined": "HEAD",
    "CoilString": "HeadNeck_64_CS",
    "ConversionSoftware": "dcm2niix",
    "ConversionSoftwareVersion": "v1.0.20190410  GCC6.3.0",
    "DerivedVendorReportedEchoSpacing": 0.000334999,
    "DeviceSerialNumber": "175956",
    "EchoTime": 0.03,
    "EchoTrainLength": 63,
    "EffectiveEchoSpacing": 0.000334999,
    "FlipAngle": 72,
    "ImageOrientationPatientDICOM": [
        0.998766,
        0.021976,
        -0.0445324,
        -0.0343541,
        0.953305,
        -0.300049
    ],
    "ImageType": [
        "ORIGINAL",
        "PRIMARY",
        "FMRI",
        "NONE"
    ],
    "ImagingFrequency": 123.263,
    "InPlanePhaseEncodingDirectionDICOM": "COL",
    "InstitutionAddress": "deleted_by_bidsonym",
    "InstitutionName": "deleted_by_bidsonym",
    "MRAcquisitionType": "2D",
    "MagneticFieldStrength": 3,
    "Manufacturer": "Siemens",
    "ManufacturersModelName": "MAGNETOM_Vida",
    "Modality": "MR",
    "MultibandAccelerationFactor": 3,
    "PartialFourier": 0.492188,
    "PatientPosition": "HFS",
    "PercentPhaseFOV": 100,
    "PhaseEncodingDirection": "j",
    "PixelBandwidth": 1953,
    "ProcedureStepDescription": "deleted_by_bidsonym",
    "ProtocolName": "fmap_acq-Fs2_run-01_dir-PA",
    "ReceiveCoilActiveElements": "HC1-7;NC1",
    "ReconMatrixPE": 128,
    "RepetitionTime": 2.3,
    "SequenceVariant": "SK",
    "SeriesDescription": "fmap_acq-Fs2_run-01_dir-PA",
    "SeriesNumber": 9,
    "SliceThickness": 1.8,
    "SliceTiming": [
        0.0031775,
        0,
        0.00326,
        8e-05,
        0.00334,
        0.0001625,
        0.0034225,
        0.0002425,
        0.0035025,
        0.000325,
        0.003585,
        0.0004075,
        0.0036675,
        0.0004875,
        0.0037475,
        0.00057,
        0.00383,
        0.00065,
        0.00391,
        0.0007325,
        0.0039925,
        0.000815,
        0.004075,
        0.000895,
        0.004155,
        0.0009775,
        0.0042375,
        0.0010575,
        0.0043175,
        0.00114,
        0.0044,
        0.0012225,
        0.0044825,
        0.0013025,
        0.0045625,
        0.001385,
        0.004645,
        0.001465,
        0.004725,
        0.0015475,
        0.0048075,
        0.00163,
        0.00489,
        0.00171,
        0.00497,
        0.0017925,
        0.0050525,
        0.0018725,
        0.0051325,
        0.001955,
        0.005215,
        0.0020375,
        0.0052975,
        0.0021175,
        0.0053775,
        0.0022,
        0.00546,
        0.00228,
        0.00554,
        0.0023625,
        0.0056225,
        0.002445,
        0.005705,
        0.002525,
        0.005785,
        0.0026075,
        0.0058675,
        0.0026875,
        0.0059475,
        0.00277,
        0.00603,
        0.0028525,
        0.0061125,
        0.0029325,
        0.0061925,
        0.003015,
        0.006275,
        0.003095
    ],
    "SoftwareVersions": "syngo_MR_XA20",
    "SpacingBetweenSlices": 1.8,
    "StationName": "AWP175956",
    "TotalReadoutTime": 0.0425448,
    "IntendedFor": "ses-1/func/sub-108TUSW011014_ses-1_task-imagery_acq-Fs2_run-01_bold.nii.gz"
}