{
  "AcquisitionMatrixPE": 128,
  "AcquisitionNumber": 1,
  "AcquisitionTime": "14:35:49.502500",
  "BandwidthPerPixelPhaseEncode": 21.171,
  "BodyPartExamined": "HEAD",
  "CoilString": "HeadNeck_64_CS",
  "ConversionSoftware": "dcm2niix",
  "ConversionSoftwareVersion": "v1.0.20190410  GCC6.3.0",
  "DerivedVendorReportedEchoSpacing": 0.000369019,
  "DeviceSerialNumber": "175956",
  "EchoTime": 0.03,
  "EchoTrainLength": 71,
  "EffectiveEchoSpacing": 0.000369019,
  "FlipAngle": 72,
  "ImageOrientationPatientDICOM": [0.998586, -0.053124, 0.00191941, 0.048268, 0.890996, -0.451439],
  "ImageType": [
    "ORIGINAL",
    "PRIMARY",
    "M",
    "NONE"
],
  "ImagingFrequency": 123.263,
  "InPlanePhaseEncodingDirectionDICOM": "COL",
  "InstitutionAddress": "AT",
  "InstitutionName": "TU_Graz",
  "MRAcquisitionType": "2D",
  "MagneticFieldStrength": 3,
  "Manufacturer": "Siemens",
  "ManufacturersModelName": "MAGNETOM_Vida",
  "Modality": "MR",
  "MultibandAccelerationFactor": 3,
  "PartialFourier": 0.554688,
  "PatientPosition": "HFS",
  "PercentPhaseFOV": 100,
  "PhaseEncodingDirection": "j-",
  "PixelBandwidth": 1953,
  "ProcedureStepDescription": "TU_2020",
  "ProtocolName": "func_task-imagery_acq-Fs2_run-01",
  "ReceiveCoilActiveElements": "HC1-7;NC1",
  "ReconMatrixPE": 128,
  "RepetitionTime": 2.3,
  "SequenceVariant": "SK_OSP",
  "SeriesDescription": "func_task-imagery_acq-Fs2_run-01",
  "SeriesNumber": 6,
  "SliceThickness": 1.8,
  "SliceTiming": [1.6675, 0, 1.14, 0.0874996, 1.2275, 0.1775, 1.3175, 0.265001, 1.405, 0.352501, 1.4925, 0.440001, 1.58, 0.615, 1.755, 0.702501, 1.8425, 0.790001, 1.93, 0.877501, 2.0175, 0.965, 2.105, 1.0525, 2.1925, 0.5275, 1.6675, 0, 1.14, 0.0874996, 1.2275, 0.1775, 1.3175, 0.265001, 1.405, 0.352501, 1.4925, 0.440001, 1.58, 0.615, 1.755, 0.702501, 1.8425, 0.790001, 1.93, 0.877501, 2.0175, 0.965, 2.105, 1.0525, 2.1925, 0.5275, 1.6675, 0, 1.14, 0.0874996, 1.2275, 0.1775, 1.3175, 0.265001, 1.405, 0.352501, 1.4925, 0.440001, 1.58, 0.615, 1.755, 0.702501, 1.8425, 0.790001, 1.93, 0.877501, 2.0175, 0.965, 2.105, 1.0525, 2.1925, 0.5275],
  "SoftwareVersions": "syngo_MR_XA11",
  "SpacingBetweenSlices": 1.8,
  "StationName": "AWP175956",
  "TaskName": "imagery",
  "TotalReadoutTime": 0.0468654}