{
  "AcquisitionMatrixPE": 128,
  "AcquisitionNumber": 1,
  "AcquisitionTime": "16:07:15.862500",
  "BandwidthPerPixelPhaseEncode": 21.171,
  "BodyPartExamined": "HEAD",
  "CoilString": "HeadNeck_64_CS",
  "ConversionSoftware": "dcm2niix",
  "ConversionSoftwareVersion": "v1.0.20190410  GCC6.3.0",
  "DerivedVendorReportedEchoSpacing": 0.000369019,
  "DeviceSerialNumber": "175956",
  "EchoTime": 0.03,
  "EchoTrainLength": 71,
  "EffectiveEchoSpacing": 0.000369019,
  "FlipAngle": 72,
  "ImageOrientationPatientDICOM": [
    0.998391,
    -0.0565381,
    -0.00442852,
    0.0516245,
    0.938389,
    -0.341704
  ],
  "ImageType": [
    "ORIGINAL",
    "PRIMARY",
    "M",
    "NONE"
  ],
  "ImagingFrequency": 123.263,
  "InPlanePhaseEncodingDirectionDICOM": "COL",
  "InstitutionAddress": "AT",
  "InstitutionName": "TU_Graz",
  "MRAcquisitionType": "2D",
  "MagneticFieldStrength": 3,
  "Manufacturer": "Siemens",
  "ManufacturersModelName": "MAGNETOM_Vida",
  "Modality": "MR",
  "MultibandAccelerationFactor": 3,
  "PartialFourier": 0.554688,
  "PatientPosition": "HFS",
  "PercentPhaseFOV": 100,
  "PhaseEncodingDirection": "j",
  "PixelBandwidth": 1953,
  "ProcedureStepDescription": "TU_2020",
  "ProtocolName": "fmap_acq-Fs2_run-01_dir-PA",
  "ReceiveCoilActiveElements": "HC1-7;NC1",
  "ReconMatrixPE": 128,
  "RepetitionTime": 2.3,
  "SequenceVariant": "SK_OSP",
  "SeriesDescription": "fmap_acq-Fs2_run-01_dir-PA",
  "SeriesNumber": 8,
  "SliceThickness": 1.8,
  "SliceTiming": [
    1.665,
    0,
    1.14,
    0.0874996,
    1.2275,
    0.174999,
    1.315,
    0.262501,
    1.4025,
    0.35,
    1.49,
    0.4375,
    1.5775,
    0.612499,
    1.7525,
    0.700001,
    1.84,
    0.789999,
    1.93,
    0.877501,
    2.0175,
    0.965,
    2.105,
    1.0525,
    2.1925,
    0.525,
    1.665,
    0,
    1.14,
    0.0874996,
    1.2275,
    0.174999,
    1.315,
    0.262501,
    1.4025,
    0.35,
    1.49,
    0.4375,
    1.5775,
    0.612499,
    1.7525,
    0.700001,
    1.84,
    0.789999,
    1.93,
    0.877501,
    2.0175,
    0.965,
    2.105,
    1.0525,
    2.1925,
    0.525,
    1.665,
    0,
    1.14,
    0.0874996,
    1.2275,
    0.174999,
    1.315,
    0.262501,
    1.4025,
    0.35,
    1.49,
    0.4375,
    1.5775,
    0.612499,
    1.7525,
    0.700001,
    1.84,
    0.789999,
    1.93,
    0.877501,
    2.0175,
    0.965,
    2.105,
    1.0525,
    2.1925,
    0.525
  ],
  "SoftwareVersions": "syngo_MR_XA11",
  "SpacingBetweenSlices": 1.8,
  "StationName": "AWP175956",
  "TotalReadoutTime": 0.0468654,
  "IntendedFor": "ses-1/func/sub-108TUSW011003_ses-1_task-imagery_acq-Fs2_run-01_bold.nii.gz"
}
