{
  "AcquisitionMatrixPE": 128,
  "AcquisitionNumber": 1,
  "BodyPartExamined": "HEAD",
  "CoilString": "HeadNeck_64_CS",
  "ConversionSoftware": "dcm2niix",
  "ConversionSoftwareVersion": "v1.0.20190410  GCC6.3.0",
  "DeviceSerialNumber": "175956",
  "EchoTime": 0.03,
  "FlipAngle": 72,
  "ImagingFrequency": 123.263,
  "InPlanePhaseEncodingDirectionDICOM": "COL",
  "InstitutionAddress": "AT",
  "InstitutionName": "TU_Graz",
  "MRAcquisitionType": "2D",
  "MagneticFieldStrength": 3,
  "Manufacturer": "Siemens",
  "ManufacturersModelName": "MAGNETOM_Vida",
  "Modality": "MR",
  "MultibandAccelerationFactor": 3,
  "PatientPosition": "HFS",
  "PercentPhaseFOV": 100,
  "PhaseEncodingDirection": "j-",
  "PixelBandwidth": 1953,
  "ProcedureStepDescription": "TU_2020",
  "ProtocolName": "func_task-imagery_acq-Fs2_run-01",
  "ReconMatrixPE": 128,
  "RepetitionTime": 2.3,
  "SeriesDescription": "func_task-imagery_acq-Fs2_run-01",
  "SliceThickness": 1.8,
  "SpacingBetweenSlices": 1.8,
  "StationName": "AWP175956",
  "TaskName": "imagery"
}