{
  "AcquisitionMatrixPE": 224,
  "AcquisitionNumber": 1,
  "AcquisitionTime": "15:54:17.145000",
  "BodyPartExamined": "HEAD",
  "CoilString": "HeadNeck_64_CS",
  "ConversionSoftware": "dcm2niix",
  "ConversionSoftwareVersion": "v1.0.20190410  GCC6.3.0",
  "DeviceSerialNumber": "175956",
  "EchoTime": 0.00236,
  "FlipAngle": 9,
  "ImageOrientationPatientDICOM": [0.0098366, 0.989277, 0.145721, 0.00795091, 0.145646, -0.989305],
  "ImageType": [
    "ORIGINAL",
    "PRIMARY",
    "M",
    "NONE"
],
  "ImagingFrequency": 123.263,
  "InPlanePhaseEncodingDirectionDICOM": "ROW",
  "InstitutionAddress": "AT",
  "InstitutionName": "TU_Graz",
  "MRAcquisitionType": "3D",
  "MagneticFieldStrength": 3,
  "Manufacturer": "Siemens",
  "ManufacturersModelName": "MAGNETOM_Vida",
  "Modality": "MR",
  "PatientPosition": "HFS",
  "PercentPhaseFOV": 100,
  "PixelBandwidth": 251,
  "ProcedureStepDescription": "TU_2020",
  "ProtocolName": "anat-T1w",
  "ReceiveCoilActiveElements": "HC1-7;NC1_2",
  "ReconMatrixPE": 224,
  "RepetitionTime": 1.6,
  "SequenceVariant": "SK_SP_MP_OSP",
  "SeriesDescription": "anat-T1w",
  "SeriesNumber": 5,
  "SliceThickness": 1,
  "SoftwareVersions": "syngo_MR_XA20",
  "StationName": "AWP175956"
}