{
    "AcquisitionMatrixPE": 128,
    "AcquisitionNumber": 1,
    "AcquisitionTime": "16:22:52.627500",
    "BandwidthPerPixelPhaseEncode": 21.171,
    "BodyPartExamined": "HEAD",
    "CoilString": "HeadNeck_64_CS",
    "ConversionSoftware": "dcm2niix",
    "ConversionSoftwareVersion": "v1.0.20190410  GCC6.3.0",
    "DerivedVendorReportedEchoSpacing": 0.000369019,
    "DeviceSerialNumber": "175956",
    "EchoTime": 0.03,
    "EchoTrainLength": 71,
    "EffectiveEchoSpacing": 0.000369019,
    "FlipAngle": 72,
    "ImageOrientationPatientDICOM": [
        0.998391,
        -0.0565381,
        -0.00442852,
        0.0516245,
        0.938389,
        -0.341704
    ],
    "ImageType": [
        "ORIGINAL",
        "PRIMARY",
        "M",
        "NONE"
    ],
    "ImagingFrequency": 123.263,
    "InPlanePhaseEncodingDirectionDICOM": "COL",
    "InstitutionAddress": "deleted_by_bidsonym",
    "InstitutionName": "deleted_by_bidsonym",
    "MRAcquisitionType": "2D",
    "MagneticFieldStrength": 3,
    "Manufacturer": "Siemens",
    "ManufacturersModelName": "MAGNETOM_Vida",
    "Modality": "MR",
    "MultibandAccelerationFactor": 3,
    "PartialFourier": 0.554688,
    "PatientPosition": "HFS",
    "PercentPhaseFOV": 100,
    "PhaseEncodingDirection": "j",
    "PixelBandwidth": 1953,
    "ProcedureStepDescription": "deleted_by_bidsonym",
    "ProtocolName": "fmap_acq-Fs2_run-02_dir-PA",
    "ReceiveCoilActiveElements": "HC1-7;NC1",
    "ReconMatrixPE": 128,
    "RepetitionTime": 2.3,
    "SequenceVariant": "SK_OSP",
    "SeriesDescription": "fmap_acq-Fs2_run-02_dir-PA",
    "SeriesNumber": 12,
    "SliceThickness": 1.8,
    "SliceTiming": [
        1.6675,
        0,
        1.14,
        0.0874996,
        1.2275,
        0.175001,
        1.315,
        0.262501,
        1.4025,
        0.35,
        1.49,
        0.440001,
        1.58,
        0.615,
        1.755,
        0.702501,
        1.8425,
        0.790001,
        1.93,
        0.877501,
        2.0175,
        0.965,
        2.105,
        1.0525,
        2.1925,
        0.5275,
        1.6675,
        0,
        1.14,
        0.0874996,
        1.2275,
        0.175001,
        1.315,
        0.262501,
        1.4025,
        0.35,
        1.49,
        0.440001,
        1.58,
        0.615,
        1.755,
        0.702501,
        1.8425,
        0.790001,
        1.93,
        0.877501,
        2.0175,
        0.965,
        2.105,
        1.0525,
        2.1925,
        0.5275,
        1.6675,
        0,
        1.14,
        0.0874996,
        1.2275,
        0.175001,
        1.315,
        0.262501,
        1.4025,
        0.35,
        1.49,
        0.440001,
        1.58,
        0.615,
        1.755,
        0.702501,
        1.8425,
        0.790001,
        1.93,
        0.877501,
        2.0175,
        0.965,
        2.105,
        1.0525,
        2.1925,
        0.5275
    ],
    "SoftwareVersions": "syngo_MR_XA11",
    "SpacingBetweenSlices": 1.8,
    "StationName": "AWP175956",
    "TotalReadoutTime": 0.0468654,
    "IntendedFor": "ses-1/func/sub-108TUSW011003_ses-1_task-execution_acq-Fs2_run-02_bold.nii.gz"
}