{
    "AcquisitionMatrixPE": 128,
    "AcquisitionNumber": 1,
    "AcquisitionTime": "10:50:10.827500",
    "BandwidthPerPixelPhaseEncode": 23.321,
    "BodyPartExamined": "HEAD",
    "CoilString": "HeadNeck_64_CS",
    "ConversionSoftware": "dcm2niix",
    "ConversionSoftwareVersion": "v1.0.20190410  GCC6.3.0",
    "DerivedVendorReportedEchoSpacing": 0.000334999,
    "DeviceSerialNumber": "175956",
    "EchoTime": 0.03,
    "EchoTrainLength": 63,
    "EffectiveEchoSpacing": 0.000334999,
    "FlipAngle": 72,
    "ImageOrientationPatientDICOM": [
        0.997859,
        -0.063748,
        0.0146208,
        0.0647035,
        0.92959,
        -0.362871
    ],
    "ImageType": [
        "ORIGINAL",
        "PRIMARY",
        "FMRI",
        "NONE"
    ],
    "ImagingFrequency": 123.263,
    "InPlanePhaseEncodingDirectionDICOM": "COL",
    "InstitutionAddress": "deleted_by_bidsonym",
    "InstitutionName": "deleted_by_bidsonym",
    "MRAcquisitionType": "2D",
    "MagneticFieldStrength": 3,
    "Manufacturer": "Siemens",
    "ManufacturersModelName": "MAGNETOM_Vida",
    "Modality": "MR",
    "MultibandAccelerationFactor": 3,
    "PartialFourier": 0.492188,
    "PatientPosition": "HFS",
    "PercentPhaseFOV": 100,
    "PhaseEncodingDirection": "j-",
    "PixelBandwidth": 1953,
    "ProcedureStepDescription": "deleted_by_bidsonym",
    "ProtocolName": "func_task-execution_acq-Fs2_run-02",
    "ReceiveCoilActiveElements": "HC1-7;NC1",
    "ReconMatrixPE": 128,
    "RepetitionTime": 2.3,
    "SequenceVariant": "SK",
    "SeriesDescription": "func_task-execution_acq-Fs2_run-02",
    "SeriesNumber": 12,
    "SliceThickness": 1.8,
    "SliceTiming": [
        0.0031775,
        0,
        0.00326,
        8.25e-05,
        0.0033425,
        0.0001625,
        0.0034225,
        0.000245,
        0.003505,
        0.000325,
        0.003585,
        0.0004075,
        0.0036675,
        0.00049,
        0.00375,
        0.00057,
        0.00383,
        0.0006525,
        0.0039125,
        0.0007325,
        0.0039925,
        0.000815,
        0.004075,
        0.0008975,
        0.0041575,
        0.0009775,
        0.0042375,
        0.00106,
        0.00432,
        0.00114,
        0.0044,
        0.0012225,
        0.0044825,
        0.001305,
        0.004565,
        0.001385,
        0.004645,
        0.0014675,
        0.0047275,
        0.0015475,
        0.0048075,
        0.00163,
        0.00489,
        0.0017125,
        0.0049725,
        0.0017925,
        0.0050525,
        0.001875,
        0.005135,
        0.001955,
        0.005215,
        0.0020375,
        0.0052975,
        0.00212,
        0.00538,
        0.0022,
        0.00546,
        0.0022825,
        0.0055425,
        0.0023625,
        0.0056225,
        0.002445,
        0.005705,
        0.0025275,
        0.0057875,
        0.0026075,
        0.0058675,
        0.00269,
        0.00595,
        0.00277,
        0.00603,
        0.0028525,
        0.0061125,
        0.002935,
        0.006195,
        0.003015,
        0.006275,
        0.0030975
    ],
    "SoftwareVersions": "syngo_MR_XA20",
    "SpacingBetweenSlices": 1.8,
    "StationName": "AWP175956",
    "TaskName": "execution",
    "TotalReadoutTime": 0.0425448
}