{
    "AcquisitionMatrixPE": 128,
    "AcquisitionNumber": 1,
    "AcquisitionTime": "15:50:49.012500",
    "BandwidthPerPixelPhaseEncode": 21.171,
    "BodyPartExamined": "HEAD",
    "CoilString": "HeadNeck_64_CS",
    "ConversionSoftware": "dcm2niix",
    "ConversionSoftwareVersion": "v1.0.20190410  GCC6.3.0",
    "DerivedVendorReportedEchoSpacing": 0.000369019,
    "DeviceSerialNumber": "175956",
    "EchoTime": 0.03,
    "EchoTrainLength": 71,
    "EffectiveEchoSpacing": 0.000369019,
    "FlipAngle": 72,
    "ImageOrientationPatientDICOM": [
        0.998394,
        -0.0564733,
        -0.00445223,
        0.0515556,
        0.938393,
        -0.341703
    ],
    "ImageType": [
        "ORIGINAL",
        "PRIMARY",
        "M",
        "NONE"
    ],
    "ImagingFrequency": 123.263,
    "InPlanePhaseEncodingDirectionDICOM": "COL",
    "InstitutionAddress": "deleted_by_bidsonym",
    "InstitutionName": "deleted_by_bidsonym",
    "MRAcquisitionType": "2D",
    "MagneticFieldStrength": 3,
    "Manufacturer": "Siemens",
    "ManufacturersModelName": "MAGNETOM_Vida",
    "Modality": "MR",
    "MultibandAccelerationFactor": 3,
    "PartialFourier": 0.554688,
    "PatientPosition": "HFS",
    "PercentPhaseFOV": 100,
    "PhaseEncodingDirection": "j-",
    "PixelBandwidth": 1953,
    "ProcedureStepDescription": "deleted_by_bidsonym",
    "ProtocolName": "func_task-imagery_acq-Fs2_run-01",
    "ReceiveCoilActiveElements": "HC1-7;NC1",
    "ReconMatrixPE": 128,
    "RepetitionTime": 2.3,
    "SequenceVariant": "SK_OSP",
    "SeriesDescription": "func_task-imagery_acq-Fs2_run-01",
    "SeriesNumber": 6,
    "SliceThickness": 1.8,
    "SliceTiming": [
        1.665,
        0,
        1.14,
        0.0874996,
        1.2275,
        0.174999,
        1.315,
        0.262501,
        1.4025,
        0.35,
        1.49,
        0.4375,
        1.5775,
        0.615,
        1.755,
        0.702499,
        1.8425,
        0.789999,
        1.93,
        0.877501,
        2.0175,
        0.965,
        2.105,
        1.0525,
        2.1925,
        0.525,
        1.665,
        0,
        1.14,
        0.0874996,
        1.2275,
        0.174999,
        1.315,
        0.262501,
        1.4025,
        0.35,
        1.49,
        0.4375,
        1.5775,
        0.615,
        1.755,
        0.702499,
        1.8425,
        0.789999,
        1.93,
        0.877501,
        2.0175,
        0.965,
        2.105,
        1.0525,
        2.1925,
        0.525,
        1.665,
        0,
        1.14,
        0.0874996,
        1.2275,
        0.174999,
        1.315,
        0.262501,
        1.4025,
        0.35,
        1.49,
        0.4375,
        1.5775,
        0.615,
        1.755,
        0.702499,
        1.8425,
        0.789999,
        1.93,
        0.877501,
        2.0175,
        0.965,
        2.105,
        1.0525,
        2.1925,
        0.525
    ],
    "SoftwareVersions": "syngo_MR_XA11",
    "SpacingBetweenSlices": 1.8,
    "StationName": "AWP175956",
    "TaskName": "imagery",
    "TotalReadoutTime": 0.0468654
}