{
    "AcquisitionMatrixPE": 128,
    "AcquisitionNumber": 1,
    "AcquisitionTime": "16:14:40.322500",
    "BandwidthPerPixelPhaseEncode": 21.171,
    "BodyPartExamined": "HEAD",
    "CoilString": "HeadNeck_64_CS",
    "ConversionSoftware": "dcm2niix",
    "ConversionSoftwareVersion": "v1.0.20190410  GCC6.3.0",
    "DerivedVendorReportedEchoSpacing": 0.000369019,
    "DeviceSerialNumber": "175956",
    "EchoTime": 0.03,
    "EchoTrainLength": 71,
    "EffectiveEchoSpacing": 0.000369019,
    "FlipAngle": 72,
    "ImageOrientationPatientDICOM": [
        0.998391,
        -0.0565381,
        -0.00442865,
        0.0516245,
        0.938389,
        -0.341704
    ],
    "ImageType": [
        "ORIGINAL",
        "PRIMARY",
        "M",
        "NONE"
    ],
    "ImagingFrequency": 123.263,
    "InPlanePhaseEncodingDirectionDICOM": "COL",
    "InstitutionAddress": "deleted_by_bidsonym",
    "InstitutionName": "deleted_by_bidsonym",
    "MRAcquisitionType": "2D",
    "MagneticFieldStrength": 3,
    "Manufacturer": "Siemens",
    "ManufacturersModelName": "MAGNETOM_Vida",
    "Modality": "MR",
    "MultibandAccelerationFactor": 3,
    "PartialFourier": 0.554688,
    "PatientPosition": "HFS",
    "PercentPhaseFOV": 100,
    "PhaseEncodingDirection": "j-",
    "PixelBandwidth": 1953,
    "ProcedureStepDescription": "deleted_by_bidsonym",
    "ProtocolName": "func_task-execution_acq-Fs2_run-02",
    "ReceiveCoilActiveElements": "HC1-7;NC1",
    "ReconMatrixPE": 128,
    "RepetitionTime": 2.3,
    "SequenceVariant": "SK_OSP",
    "SeriesDescription": "func_task-execution_acq-Fs2_run-02",
    "SeriesNumber": 11,
    "SliceThickness": 1.8,
    "SliceTiming": [
        1.665,
        0,
        1.14,
        0.0874996,
        1.2275,
        0.174999,
        1.315,
        0.262501,
        1.4025,
        0.35,
        1.49,
        0.4375,
        1.5775,
        0.612499,
        1.7525,
        0.700001,
        1.84,
        0.7875,
        1.9275,
        0.875,
        2.015,
        0.9625,
        2.1025,
        1.0525,
        2.1925,
        0.525,
        1.665,
        0,
        1.14,
        0.0874996,
        1.2275,
        0.174999,
        1.315,
        0.262501,
        1.4025,
        0.35,
        1.49,
        0.4375,
        1.5775,
        0.612499,
        1.7525,
        0.700001,
        1.84,
        0.7875,
        1.9275,
        0.875,
        2.015,
        0.9625,
        2.1025,
        1.0525,
        2.1925,
        0.525,
        1.665,
        0,
        1.14,
        0.0874996,
        1.2275,
        0.174999,
        1.315,
        0.262501,
        1.4025,
        0.35,
        1.49,
        0.4375,
        1.5775,
        0.612499,
        1.7525,
        0.700001,
        1.84,
        0.7875,
        1.9275,
        0.875,
        2.015,
        0.9625,
        2.1025,
        1.0525,
        2.1925,
        0.525
    ],
    "SoftwareVersions": "syngo_MR_XA11",
    "SpacingBetweenSlices": 1.8,
    "StationName": "AWP175956",
    "TaskName": "execution",
    "TotalReadoutTime": 0.0468654
}